GEM
  remote: http://rubygems.org/
  specs:
    fakefs (0.4.0)
    git (1.2.5)
    jeweler (1.5.2)
      bundler (~> 1.0.0)
      git (>= 1.2.5)
      rake
    minitest (2.0.2)
    rake (0.8.7)

PLATFORMS
  java
  ruby

DEPENDENCIES
  bundler (~> 1.0.0)
  fakefs
  jeweler (~> 1.5.2)
  minitest
